GEM
  remote: https://rubygems.org/
  specs:
    autoprefixer-rails (5.2.0)
      execjs
      json
    bootstrap-sass (3.3.4.1)
      autoprefixer-rails (>= 5.0.0.1)
      sass (>= 3.2.19)
    breakpoint (2.5.0)
      sass (~> 3.3)
      sassy-maps (< 1.0.0)
    cassandra (0.12.1)
      json
      rake
      simple_uuid (>= 0.2.0)
      thrift_client (>= 0.7.0)
    chunky_png (1.3.4)
    compass (1.0.3)
      chunky_png (~> 1.2)
      compass-core (~> 1.0.2)
      compass-import-once (~> 1.0.5)
      rb-fsevent (>= 0.9.3)
      rb-inotify (>= 0.9)
      sass (>= 3.3.13, < 3.5)
    compass-core (1.0.3)
      multi_json (~> 1.0)
      sass (>= 3.3.0, < 3.5)
    compass-import-once (1.0.5)
      sass (>= 3.2, < 3.5)
    compass-normalize (1.5)
      compass (>= 0.12.0)
    compass-rgbapng (0.2.1)
      chunky_png (>= 0.8.0)
      compass (>= 0.10.0)
    execjs (2.5.2)
    ffi (1.9.8)
    foundation (1.0.4)
      thor (>= 0.18.1)
    json (1.8.3)
    multi_json (1.11.1)
    rake (10.4.2)
    rb-fsevent (0.9.5)
    rb-inotify (0.9.5)
      ffi (>= 0.5.0)
    sass (3.4.14)
    sass-globbing (1.1.1)
      sass (>= 3.1)
    sassy-maps (0.4.0)
      sass (~> 3.3)
    simple_uuid (0.4.0)
    susy (2.2.6)
      sass (>= 3.3.0, < 3.5)
    thor (0.19.1)
    thrift (0.9.2.0)
    thrift_client (0.9.3)
      thrift (~> 0.9.0)

PLATFORMS
  ruby

DEPENDENCIES
  autoprefixer-rails
  bootstrap-sass
  breakpoint
  cassandra
  chunky_png
  compass
  compass-core
  compass-import-once
  compass-normalize
  compass-rgbapng
  execjs
  ffi
  foundation
  json
  multi_json
  rake
  rb-fsevent
  rb-inotify
  sass
  sass-globbing
  simple_uuid
  susy
  thor
  thrift
  thrift_client
